GEM
  remote: http://rubygems.org/
  specs:
    activemodel (3.2.8)
      activesupport (= 3.2.8)
      builder (~> 3.0.0)
    activesupport (3.2.8)
      i18n (~> 0.6)
      multi_json (~> 1.0)
    builder (3.0.3)
    carrierwave (0.6.2)
      activemodel (>= 3.2.0)
      activesupport (>= 3.2.0)
    crypt19-rb (1.2.1)
    git (1.2.5)
    i18n (0.6.1)
    jeweler (1.6.4)
      bundler (~> 1.0)
      git (>= 1.2.5)
      rake
    multi_json (1.3.6)
    rake (0.9.2.2)
    rcov (0.9.11)
    shoulda (2.11.3)

PLATFORMS
  ruby

DEPENDENCIES
  bundler
  carrierwave (>= 0.5.8)
  crypt19-rb (= 1.2.1)
  jeweler (~> 1.6.4)
  rcov
  shoulda
